PATH
  remote: .
  specs:
    cg-deploy-all (0.1.0)
      methadone (~> 2.0.2)
      tty-command (~> 0.9.0)

GEM
  remote: https://rubygems.org/
  specs:
    equatable (0.6.1)
    methadone (2.0.2)
      bundler
    pastel (0.7.3)
      equatable (~> 0.6)
      tty-color (~> 0.5)
    power_assert (1.1.5)
    rake (10.5.0)
    rdoc (6.3.2)
    test-unit (3.3.4)
      power_assert
    tty-color (0.5.0)
    tty-command (0.9.0)
      pastel (~> 0.7.0)

PLATFORMS
  ruby

DEPENDENCIES
  bundler (~> 2.0)
  cg-deploy-all!
  rake (~> 10.0)
  rdoc
  test-unit

BUNDLED WITH
   2.0.2
